GEM
  remote: https://rubygems.org/
  specs:
    diff-lcs (1.4.4)
    paint (1.0.1)
    rspec (3.10.0)
      rspec-core (~> 3.10.0)
      rspec-expectations (~> 3.10.0)
      rspec-mocks (~> 3.10.0)
    rspec-core (3.10.0)
      rspec-support (~> 3.10.0)
    rspec-expectations (3.10.0)
      diff-lcs (>= 1.2.0, < 2.0)
      rspec-support (~> 3.10.0)
    rspec-mocks (3.10.0)
      diff-lcs (>= 1.2.0, < 2.0)
      rspec-support (~> 3.10.0)
    rspec-support (3.10.0)
    terminal-menu (1.0.1)
      paint (~> 1.0, >= 1.0.1)

PLATFORMS
  x86_64-linux

DEPENDENCIES
  rspec (~> 3.10)
  terminal-menu (~> 1.0)

BUNDLED WITH
   2.2.1
